GEM
  remote: https://rubygems.org/
  specs:
    RedCloth (4.2.9)
    colored (1.2)
    cri (2.6.1)
      colored (~> 1.2)
    nanoc (3.7.4)
      cri (~> 2.3)

PLATFORMS
  ruby

DEPENDENCIES
  RedCloth (= 4.2.9)
  nanoc (= 3.7.4)
